GEM
  remote: https://rubygems.org/
  specs:
    colorize (0.7.7)
    thor (0.19.4)

PLATFORMS
  ruby

DEPENDENCIES
  colorize (~> 0.7.7)
  thor (~> 0.19.1)

BUNDLED WITH
   1.15.4
