GEM
  remote: https://rubygems.org/
  specs:
    colorize (0.8.1)
    rspec-core (3.9.0)
      rspec-support (~> 3.9.0)
    rspec-support (3.9.0)
    thor (0.20.3)

PLATFORMS
  ruby

DEPENDENCIES
  colorize (~> 0.8.1)
  rspec-core (~> 3.9)
  thor (~> 0.20.3)

BUNDLED WITH
   2.0.2
